GEM
  remote: http://rubygems.org/
  specs:
    activesupport (3.0.15)
    addressable (2.2.4)
    attr_required (0.0.5)
    faraday (0.5.7)
      addressable (~> 2.2.4)
      multipart-post (~> 1.1.0)
      rack (>= 1.1.0, < 2)
    faraday_middleware (0.3.2)
      faraday (~> 0.5.4)
    fb_graph (2.4.17)
      httpclient (>= 2.2.0.2)
      rack-oauth2 (>= 0.14.4)
      tzinfo
    hashie (1.0.0)
    httpclient (2.2.5)
    i18n (0.6.0)
    json (1.7.3)
    multi_json (0.0.5)
    multi_xml (0.2.2)
    multipart-post (1.1.0)
    rack (1.2.2)
    rack-oauth2 (0.14.4)
      activesupport (>= 2.3)
      attr_required (>= 0.0.5)
      httpclient (>= 2.2.0.2)
      i18n
      json (>= 1.4.3)
      rack (>= 1.1)
    simple_oauth (0.1.4)
    twitter (1.2.0)
      faraday (~> 0.5.4)
      faraday_middleware (~> 0.3.2)
      hashie (~> 1.0.0)
      multi_json (~> 0.0.5)
      multi_xml (~> 0.2.0)
      simple_oauth (~> 0.1.4)
    tzinfo (0.3.33)
    yajl-ruby (0.8.2)

PLATFORMS
  ruby

DEPENDENCIES
  fb_graph
  twitter
  yajl-ruby
